PATH
  remote: .
  specs:
    testdroid-api-client (1.0.0)
      deep_merge (~> 1.1, >= 1.1.1)
      rest-client (~> 2.0, >= 2.0.0)

GEM
  remote: https://rubygems.org/
  specs:
    addressable (2.3.6)
    bump (0.5.1)
    crack (0.4.2)
      safe_yaml (~> 1.0.0)
    deep_merge (1.1.1)
    diff-lcs (1.2.5)
    domain_name (0.5.20160826)
      unf (>= 0.0.5, < 1.0.0)
    http-cookie (1.0.2)
      domain_name (~> 0.5)
    mime-types (3.1)
      mime-types-data (~> 3.2015)
    mime-types-data (3.2016.0521)
    netrc (0.11.0)
    rake (10.4.0)
    rest-client (2.0.0)
      http-cookie (>= 1.0.2, < 2.0)
      mime-types (>= 1.16, < 4.0)
      netrc (~> 0.8)
    rspec (3.1.0)
      rspec-core (~> 3.1.0)
      rspec-expectations (~> 3.1.0)
      rspec-mocks (~> 3.1.0)
    rspec-collection_matchers (1.1.2)
      rspec-expectations (>= 2.99.0.beta1)
    rspec-core (3.1.7)
      rspec-support (~> 3.1.0)
    rspec-expectations (3.1.2)
      diff-lcs (>= 1.2.0, < 2.0)
      rspec-support (~> 3.1.0)
    rspec-mocks (3.1.3)
      rspec-support (~> 3.1.0)
    rspec-support (3.1.2)
    safe_yaml (1.0.4)
    unf (0.1.4)
      unf_ext
    unf_ext (0.0.7.2)
    vcr (2.9.3)
    webmock (1.20.4)
      addressable (>= 2.3.6)
      crack (>= 0.3.2)
    yard (0.8.7.6)

PLATFORMS
  ruby

DEPENDENCIES
  bump (~> 0.5)
  rake
  rspec
  rspec-collection_matchers
  testdroid-api-client!
  vcr (~> 2.9)
  webmock (~> 1.9)
  yard (~> 0.8)

BUNDLED WITH
   1.12.5
